GEM
  remote: https://rubygems.org/
  specs:
    cheatset (1.4.8)
      haml (> 5.2, < 6.0)
      plist (>= 3.5.0, < 4.0)
      redcarpet (>= 3.5.1, < 4.0)
      rouge (>= 3.26.0, < 4.0)
      sanitize (>= 5.2.1, < 6.0)
      sqlite3 (>= 1.3.13, < 1.4)
      thor (>= 1.0.1, < 2.0)
      unindent (>= 1.0, < 1.1)
    crass (1.0.6)
    haml (5.2.2)
      temple (>= 0.8.0)
      tilt
    mini_portile2 (2.8.7)
    nokogiri (1.15.6)
      mini_portile2 (~> 2.8.2)
      racc (~> 1.4)
    nokogumbo (2.0.5)
      nokogiri (~> 1.8, >= 1.8.4)
    plist (3.7.1)
    racc (1.8.0)
    redcarpet (3.6.0)
    rouge (3.30.0)
    sanitize (5.2.3)
      crass (~> 1.0.2)
      nokogiri (>= 1.8.0)
      nokogumbo (~> 2.0)
    sqlite3 (1.3.13)
    temple (0.10.3)
    thor (1.3.1)
    tilt (2.4.0)
    unindent (1.0)

PLATFORMS
  ruby

DEPENDENCIES
  cheatset (~> 1.4)

BUNDLED WITH
   2.1.4
